GEM
  remote: http://rubygems.org/
  specs:
    actionmailer (4.0.0)
      actionpack (= 4.0.0)
      mail (~> 2.5.3)
    actionpack (4.0.0)
      activesupport (= 4.0.0)
      builder (~> 3.1.0)
      erubis (~> 2.7.0)
      rack (~> 1.5.2)
      rack-test (~> 0.6.2)
    activemodel (4.0.0)
      activesupport (= 4.0.0)
      builder (~> 3.1.0)
    activerecord (4.0.0)
      activemodel (= 4.0.0)
      activerecord-deprecated_finders (~> 1.0.2)
      activesupport (= 4.0.0)
      arel (~> 4.0.0)
    activerecord-deprecated_finders (1.0.3)
    activerecord-import (0.4.1)
      activerecord (>= 3.0)
    activesupport (4.0.0)
      i18n (~> 0.6, >= 0.6.4)
      minitest (~> 4.2)
      multi_json (~> 1.3)
      thread_safe (~> 0.1)
      tzinfo (~> 0.3.37)
    arel (4.0.0)
    atomic (1.1.13)
    bcrypt-ruby (3.1.2)
    builder (3.1.4)
    cancan (1.6.10)
    climate_control (0.0.3)
      activesupport (>= 3.0)
    cocaine (0.5.3)
      climate_control (>= 0.0.3, < 1.0)
    devise (3.0.3)
      bcrypt-ruby (~> 3.0)
      orm_adapter (~> 0.1)
      railties (>= 3.2.6, < 5)
      warden (~> 1.2.3)
    erubis (2.7.0)
    hash-deep-merge (0.1.1)
    hike (1.2.3)
    i18n (0.6.5)
    lazy_high_charts (1.4.3)
      bundler (>= 1.0)
      hash-deep-merge
    mail (2.5.4)
      mime-types (~> 1.16)
      treetop (~> 1.4.8)
    mime-types (1.24)
    mini_magick (3.6.0)
      subexec (~> 0.2.1)
    mini_portile (0.5.1)
    minitest (4.7.5)
    multi_json (1.7.9)
    mysql2 (0.3.13)
    nokogiri (1.6.0)
      mini_portile (~> 0.5.0)
    orm_adapter (0.4.0)
    paperclip (3.5.2)
      activemodel (>= 3.0.0)
      activesupport (>= 3.0.0)
      cocaine (~> 0.5.3)
      mime-types
    polyglot (0.3.3)
    rack (1.5.2)
    rack-test (0.6.2)
      rack (>= 1.0)
    rails (4.0.0)
      actionmailer (= 4.0.0)
      actionpack (= 4.0.0)
      activerecord (= 4.0.0)
      activesupport (= 4.0.0)
      bundler (>= 1.3.0, < 2.0)
      railties (= 4.0.0)
      sprockets-rails (~> 2.0.0)
    railties (4.0.0)
      actionpack (= 4.0.0)
      activesupport (= 4.0.0)
      rake (>= 0.8.7)
      thor (>= 0.18.1, < 2.0)
    rake (10.1.0)
    roo (1.12.1)
      nokogiri
      rubyzip
      spreadsheet (> 0.6.4)
    rqrcode (0.4.2)
    rqrcode-rails3 (0.1.6)
      rqrcode (>= 0.4.2)
    ruby-ole (1.2.11.7)
    rubyzip (1.0.0)
    spreadsheet (0.8.9)
      ruby-ole (>= 1.0)
    sprockets (2.10.0)
      hike (~> 1.2)
      multi_json (~> 1.0)
      rack (~> 1.0)
      tilt (~> 1.1, != 1.3.0)
    sprockets-rails (2.0.0)
      actionpack (>= 3.0)
      activesupport (>= 3.0)
      sprockets (~> 2.8)
    subexec (0.2.3)
    thor (0.18.1)
    thread_safe (0.1.2)
      atomic
    tilt (1.4.1)
    treetop (1.4.15)
      polyglot
      polyglot (>= 0.3.1)
    tzinfo (0.3.37)
    warden (1.2.3)
      rack (>= 1.0)
    will_paginate (3.0.4)

PLATFORMS
  ruby

DEPENDENCIES
  activerecord-import
  cancan
  devise (= 3.0.3)
  lazy_high_charts
  mini_magick (~> 3.3)
  mysql2 (~> 0.3.13)
  paperclip (~> 3.5.2)
  rails (= 4.0.0)
  rake (= 10.1.0)
  roo
  rqrcode-rails3 (~> 0.1.3)
  will_paginate (~> 3.0.pre4)
